GEM
  remote: http://rubygems.org/
  specs:
    daemons (1.1.4)
    dalli (2.5.0)
    eventmachine (0.12.10)
    fistface (1.0.1)
      sinatra (~> 1.1)
    rack (1.3.5)
    rack-cache (1.2)
      rack (>= 0.4)
    rack-protection (1.1.4)
      rack
    sinatra (1.3.1)
      rack (~> 1.3, >= 1.3.4)
      rack-protection (~> 1.1, >= 1.1.2)
      tilt (~> 1.3, >= 1.3.3)
    thin (1.3.1)
      daemons (>= 1.0.9)
      eventmachine (>= 0.12.6)
      rack (>= 1.0.0)
    tilt (1.3.3)

PLATFORMS
  ruby

DEPENDENCIES
  dalli
  fistface
  rack-cache
  sinatra
  thin
